GEM
  remote: https://rubygems.org/
  specs:
    ast (2.4.0)
    bcrypt (3.1.12)
    cheat (1.3.3)
      pager (~> 1.0)
    coderay (1.1.2)
    diff-lcs (1.3)
    domain_name (0.5.20180417)
      unf (>= 0.0.5, < 1.0.0)
    equatable (0.5.0)
    highline (2.0.0)
    hitimes (1.3.0)
    http-cookie (1.0.3)
      domain_name (~> 0.5)
    hub (1.12.4)
    ipaddress (0.8.3)
    jaro_winkler (1.5.1)
    mail (2.7.0)
      mini_mime (>= 0.1.1)
    method_source (0.9.0)
    mime-types (3.1)
      mime-types-data (~> 3.2015)
    mime-types-data (3.2016.0521)
    mini_mime (1.0.0)
    minitest (5.11.3)
    mustermann (1.0.2)
    necromancer (0.4.0)
    net-sftp (2.1.2)
      net-ssh (>= 2.6.5)
    net-ssh (5.0.2)
    netrc (0.11.0)
    pager (1.0.1)
    parallel (1.12.1)
    parser (2.5.1.0)
      ast (~> 2.4.0)
    pastel (0.7.2)
      equatable (~> 0.5.0)
      tty-color (~> 0.4.0)
    pick (0.1.2)
      tty-prompt (~> 0.13)
      tty-screen (~> 0.5)
    powerpack (0.1.2)
    proxifier-fork (1.0.4)
    pry (0.11.3)
      coderay (~> 1.1.0)
      method_source (~> 0.9.0)
    pry-doc (0.13.4)
      pry (~> 0.11)
      yard (~> 0.9.11)
    rack (2.0.5)
    rack-protection (2.0.3)
      rack
    rainbow (3.0.0)
    raise-if-root (0.0.1)
    rake (12.3.1)
    rdoc (6.0.4)
    rest-client (2.0.2)
      http-cookie (>= 1.0.2, < 2.0)
      mime-types (>= 1.16, < 4.0)
      netrc (~> 0.8)
    rspec (3.7.0)
      rspec-core (~> 3.7.0)
      rspec-expectations (~> 3.7.0)
      rspec-mocks (~> 3.7.0)
    rspec-core (3.7.1)
      rspec-support (~> 3.7.0)
    rspec-expectations (3.7.0)
      diff-lcs (>= 1.2.0, < 2.0)
      rspec-support (~> 3.7.0)
    rspec-mocks (3.7.0)
      diff-lcs (>= 1.2.0, < 2.0)
      rspec-support (~> 3.7.0)
    rspec-support (3.7.1)
    rubocop (0.57.2)
      jaro_winkler (~> 1.5.1)
      parallel (~> 1.10)
      parser (>= 2.5)
      powerpack (~> 0.1)
      rainbow (>= 2.2.2, < 4.0)
      ruby-progressbar (~> 1.7)
      unicode-display_width (~> 1.0, >= 1.0.1)
    ruby-progressbar (1.9.0)
    ruby-units (2.3.0)
    safe_yaml (1.0.4)
    sinatra (2.0.3)
      mustermann (~> 1.0)
      rack (~> 2.0)
      rack-protection (= 2.0.3)
      tilt (~> 2.0)
    sixword (0.3.5)
    subprocess (1.3.2)
    tilt (2.0.8)
    timers (4.1.2)
      hitimes
    tty-color (0.4.2)
    tty-cursor (0.5.0)
    tty-prompt (0.16.1)
      necromancer (~> 0.4.0)
      pastel (~> 0.7.0)
      timers (~> 4.0)
      tty-cursor (~> 0.5.0)
      tty-reader (~> 0.3.0)
    tty-reader (0.3.0)
      tty-cursor (~> 0.5.0)
      tty-screen (~> 0.6.4)
      wisper (~> 2.0.0)
    tty-screen (0.6.4)
    unf (0.1.4)
      unf_ext
    unf_ext (0.0.7.5)
    unicode-display_width (1.4.0)
    useragent (0.16.10)
    wisper (2.0.0)
    yard (0.9.14)
    zokor (0.2.3)
      proxifier-fork (~> 1.0.4)

PLATFORMS
  ruby

DEPENDENCIES
  bcrypt
  bundler
  cheat
  highline
  hub
  ipaddress
  mail
  minitest
  net-sftp
  net-ssh
  pick
  pry
  pry-doc
  raise-if-root
  rake
  rdoc
  rest-client
  rspec
  rubocop
  ruby-units
  safe_yaml
  sinatra
  sixword
  subprocess
  useragent
  yard
  zokor

BUNDLED WITH
   1.16.1
